REDIRECTS: ON
RESTRICTION: == net461
NUGET
  remote: https://www.nuget.org/api/v2
    Aether (8.1.2)
    Chiron (6.2.1)
      Aether (>= 8.0.2 < 9.0)
      FParsec (>= 1.0 < 2.0)
    FAKE (4.63)
    FParsec (1.0.2)
    FSharp.Core (4.0.0.1)
    Hopac (0.3.23)
      FSharp.Core (>= 3.1.2.5)
